PATH
  remote: .
  specs:
    ttsttb (0.1.0)
      nokogiri

GEM
  remote: https://rubygems.org/
  specs:
    mini_portile2 (2.6.1)
    nokogiri (1.12.5)
      mini_portile2 (~> 2.6.1)
      racc (~> 1.4)
    racc (1.5.2)
    rake (13.0.6)

PLATFORMS
  ruby

DEPENDENCIES
  bundler (~> 2)
  rake (~> 13.0)
  ttsttb!

BUNDLED WITH
   2.2.16
